PATH
  remote: .
  specs:
    quarantine (2.2.1)
      rspec (~> 3.0)
      rspec-retry (~> 0.6)
      sorbet-runtime (= 0.5.6338)

GEM
  remote: https://rubygems.org/
  specs:
    activesupport (6.1.0)
      concurrent-ruby (~> 1.0, >= 1.0.2)
      i18n (>= 1.6, < 2)
      minitest (>= 5.1)
      tzinfo (~> 2.0)
      zeitwerk (~> 2.3)
    addressable (2.7.0)
      public_suffix (>= 2.0.2, < 5.0)
    ast (2.4.1)
    aws-eventstream (1.1.1)
    aws-partitions (1.436.0)
    aws-sdk-core (3.113.0)
      aws-eventstream (~> 1, >= 1.0.2)
      aws-partitions (~> 1, >= 1.239.0)
      aws-sigv4 (~> 1.1)
      jmespath (~> 1.0)
    aws-sdk-dynamodb (1.60.0)
      aws-sdk-core (~> 3, >= 3.112.0)
      aws-sigv4 (~> 1.1)
    aws-sigv4 (1.2.3)
      aws-eventstream (~> 1, >= 1.0.2)
    coderay (1.1.3)
    colorize (0.8.1)
    commander (4.5.2)
      highline (~> 2.0.0)
    concurrent-ruby (1.1.7)
    declarative (0.0.20)
    diff-lcs (1.4.4)
    faraday (0.17.4)
      multipart-post (>= 1.2, < 3)
    google-api-client (0.21.2)
      addressable (~> 2.5, >= 2.5.1)
      googleauth (>= 0.5, < 0.7.0)
      httpclient (>= 2.8.1, < 3.0)
      mime-types (~> 3.0)
      representable (~> 3.0)
      retriable (>= 2.0, < 4.0)
    google_drive (2.1.12)
      google-api-client (>= 0.11.0, < 0.22.0)
      googleauth (>= 0.5.0, < 1.0.0)
      nokogiri (>= 1.5.3, < 2.0.0)
    googleauth (0.6.7)
      faraday (~> 0.12)
      jwt (>= 1.4, < 3.0)
      memoist (~> 0.16)
      multi_json (~> 1.11)
      os (>= 0.9, < 2.0)
      signet (~> 0.7)
    highline (2.0.3)
    httpclient (2.8.3)
    i18n (1.8.5)
      concurrent-ruby (~> 1.0)
    jmespath (1.4.0)
    jwt (2.2.2)
    memoist (0.16.2)
    method_source (1.0.0)
    mime-types (3.3.1)
      mime-types-data (~> 3.2015)
    mime-types-data (3.2021.0225)
    mini_portile2 (2.5.0)
    minitest (5.14.2)
    multi_json (1.15.0)
    multipart-post (2.1.1)
    nokogiri (1.11.3)
      mini_portile2 (~> 2.5.0)
      racc (~> 1.4)
    os (1.1.1)
    parallel (1.20.1)
    parlour (6.0.0)
      commander (~> 4.5)
      parser
      rainbow (~> 3.0)
      sorbet-runtime (>= 0.5)
    parser (2.7.2.0)
      ast (~> 2.4.1)
    pry (0.14.0)
      coderay (~> 1.1)
      method_source (~> 1.0)
    public_suffix (4.0.6)
    racc (1.5.2)
    rack (2.2.3)
    rainbow (3.0.0)
    regexp_parser (2.0.0)
    representable (3.1.0)
      declarative (< 0.1.0)
      trailblazer-option (~> 0.1.0)
      uber (< 0.2.0)
    retriable (3.1.2)
    rexml (3.2.4)
    rspec (3.10.0)
      rspec-core (~> 3.10.0)
      rspec-expectations (~> 3.10.0)
      rspec-mocks (~> 3.10.0)
    rspec-core (3.10.1)
      rspec-support (~> 3.10.0)
    rspec-expectations (3.10.1)
      diff-lcs (>= 1.2.0, < 2.0)
      rspec-support (~> 3.10.0)
    rspec-mocks (3.10.2)
      diff-lcs (>= 1.2.0, < 2.0)
      rspec-support (~> 3.10.0)
    rspec-retry (0.6.2)
      rspec-core (> 3.3)
    rspec-support (3.10.2)
    rubocop (1.6.1)
      parallel (~> 1.10)
      parser (>= 2.7.1.5)
      rainbow (>= 2.2.2, < 4.0)
      regexp_parser (>= 1.8, < 3.0)
      rexml
      rubocop-ast (>= 1.2.0, < 2.0)
      ruby-progressbar (~> 1.7)
      unicode-display_width (>= 1.4.0, < 2.0)
    rubocop-ast (1.3.0)
      parser (>= 2.7.1.5)
    rubocop-rails (2.9.1)
      activesupport (>= 4.2.0)
      rack (>= 1.1)
      rubocop (>= 0.90.0, < 2.0)
    rubocop-sorbet (0.3.7)
    ruby-progressbar (1.10.1)
    signet (0.15.0)
      addressable (~> 2.3)
      faraday (>= 0.17.3, < 2.0)
      jwt (>= 1.5, < 3.0)
      multi_json (~> 1.10)
    sorbet (0.5.6338)
      sorbet-static (= 0.5.6338)
    sorbet-runtime (0.5.6338)
    sorbet-static (0.5.6338-universal-darwin-18)
    spoom (1.0.9)
      colorize
      sorbet (~> 0.5.5)
      sorbet-runtime
      thor (>= 0.19.2)
    tapioca (0.4.19)
      bundler (>= 1.17.3)
      parlour (>= 2.1.0)
      pry (>= 0.12.2)
      sorbet-runtime
      sorbet-static (>= 0.4.4471)
      spoom
      thor (>= 0.19.2)
    thor (1.1.0)
    trailblazer-option (0.1.0)
    tzinfo (2.0.4)
      concurrent-ruby (~> 1.0)
    uber (0.1.0)
    unicode-display_width (1.7.0)
    zeitwerk (2.4.2)

PLATFORMS
  ruby

DEPENDENCIES
  aws-sdk-dynamodb (~> 1)
  google_drive (~> 2)
  quarantine!
  rubocop
  rubocop-rails
  rubocop-sorbet
  sorbet (= 0.5.6338)
  tapioca (= 0.4.19)

BUNDLED WITH
   2.0.2
